GEM
  remote: https://rubygems.org/
  specs:
    diff-lcs (1.1.3)
    faraday (0.8.0)
      multipart-post (~> 1.1)
    multipart-post (1.1.5)
    nokogiri (1.5.2)
    rake (0.9.2.2)
    rspec (2.10.0)
      rspec-core (~> 2.10.0)
      rspec-expectations (~> 2.10.0)
      rspec-mocks (~> 2.10.0)
    rspec-core (2.10.0)
    rspec-expectations (2.10.0)
      diff-lcs (~> 1.1.3)
    rspec-mocks (2.10.1)

PLATFORMS
  ruby

DEPENDENCIES
  faraday
  nokogiri
  rake
  rspec
